GEM
  remote: https://rubygems.org/
  specs:
    useragent (0.13.3)

PLATFORMS
  ruby

DEPENDENCIES
  useragent
