GEM
  remote: https://rubygems.org/
  specs:
    haml (4.0.6)
      tilt
    i18n (0.7.0)
    newrelic_rpm (3.9.1.236)
    rack (1.5.2)
    rack-protection (1.5.3)
      rack
    sinatra (1.4.6)
      rack (~> 1.4)
      rack-protection (~> 1.4)
      tilt (>= 1.3, < 3)
    tilt (1.4.1)

PLATFORMS
  ruby

DEPENDENCIES
  haml
  i18n
  newrelic_rpm
  sinatra
